GEM
  remote: http://rubygems.org/
  specs:
    activesupport (3.0.9)
    git (1.2.5)
    highline (1.6.2)
    jeweler (1.6.4)
      bundler (~> 1.0)
      git (>= 1.2.5)
      rake
    net-scp (1.0.4)
      net-ssh (>= 1.99.1)
    net-ssh (2.1.4)
    rake (0.9.2)
    rcov (0.9.9)

PLATFORMS
  ruby

DEPENDENCIES
  activesupport (~> 3.0.2)
  bundler
  highline (~> 1.6.1)
  jeweler (~> 1.6.4)
  net-scp (~> 1.0.4)
  net-ssh (~> 2.1.0)
  rcov
